GEM
  remote: https://rubygems.org/
  specs:
    activemodel (3.1.12)
      activesupport (= 3.1.12)
      builder (~> 3.0.0)
      i18n (~> 0.6)
    activesupport (3.1.12)
      multi_json (~> 1.0)
    addressable (2.3.5)
    blather (0.8.7)
      activesupport (>= 2.3.11)
      eventmachine (>= 1.0.0)
      girl_friday
      niceogiri (~> 1.0)
      nokogiri (~> 1.5, >= 1.5.6)
    builder (3.0.4)
    cleverbot (0.2.0)
      httparty (>= 0.8.1, < 1.0)
    connection_pool (1.1.0)
    crack (0.4.1)
      safe_yaml (~> 0.9.0)
    daemon-kit (0.2.3)
      eventmachine (>= 0.12.10)
      i18n
      rubigen
      safely (>= 0.3.1)
      thor
    diff-lcs (1.2.4)
    ebnf (0.3.1)
      rdf
      sxp
    eventmachine (1.0.3)
    girl_friday (0.11.2)
      connection_pool (~> 1.0)
      rubinius-actor
    httparty (0.10.2)
      multi_json (~> 1.0)
      multi_xml (>= 0.5.2)
    i18n (0.6.5)
    json (1.8.0)
    mini_portile (0.5.1)
    multi_json (1.8.0)
    multi_xml (0.5.5)
    niceogiri (1.1.2)
      nokogiri (~> 1.5)
    nokogiri (1.6.0)
      mini_portile (~> 0.5.0)
    promise (0.3.0)
    rake (10.1.0)
    rdf (1.0.8)
      addressable (>= 2.2)
    rdf-isomorphic (1.0.2)
      rdf (>= 1.0)
    rdf-turtle (1.0.9)
      ebnf (>= 0.3.0)
      rdf (>= 1.0.7)
    rspec (2.14.1)
      rspec-core (~> 2.14.0)
      rspec-expectations (~> 2.14.0)
      rspec-mocks (~> 2.14.0)
    rspec-core (2.14.5)
    rspec-expectations (2.14.2)
      diff-lcs (>= 1.1.3, < 2.0)
    rspec-mocks (2.14.3)
    rubigen (1.5.8)
      activesupport (>= 2.3.5, < 3.2.0)
    rubinius-actor (0.0.2)
      rubinius-core-api
    rubinius-core-api (0.0.1)
    safe_yaml (0.9.7)
    safely (0.3.2)
    spira (0.5.0)
      activemodel (~> 3)
      activesupport (~> 3)
      promise (~> 0.3.0)
      rdf (~> 1.0)
      rdf-isomorphic (~> 1.0)
    sxp (0.1.3)
      json (>= 1.1.1)
    thor (0.18.1)
    vcr (2.5.0)
    webmock (1.11.0)
      addressable (>= 2.2.7)
      crack (>= 0.3.2)

PLATFORMS
  ruby

DEPENDENCIES
  blather (~> 0.8.7)
  cleverbot
  daemon-kit
  rake
  rdf
  rdf-turtle
  rspec
  safely
  spira
  vcr
  webmock (~> 1.11.0)
